GEM
  remote: https://www.rubygems.org/
  specs:
    addressable (2.3.8)
    faraday (0.9.2)
      multipart-post (>= 1.2, < 3)
    gitlab (3.4.0)
      httparty
      terminal-table
    httparty (0.13.7)
      json (~> 1.8)
      multi_xml (>= 0.5.2)
    json (1.8.3)
    multi_xml (0.5.5)
    multipart-post (2.0.0)
    octokit (4.1.1)
      sawyer (~> 0.6.0, >= 0.5.3)
    pronto (0.5.3)
      gitlab (~> 3.4.0)
      octokit (~> 4.1.0)
      rugged (~> 0.23.0)
      thor (~> 0.19.0)
    pronto-credo (0.0.2)
      pronto (~> 0.5.0)
    rugged (0.23.3)
    sawyer (0.6.0)
      addressable (~> 2.3.5)
      faraday (~> 0.8, < 0.10)
    terminal-table (1.6.0)
    thor (0.19.1)

PLATFORMS
  ruby

DEPENDENCIES
  pronto
  pronto-credo

BUNDLED WITH
   1.11.2
